GEM
  remote: https://rubygems.org/
  specs:
    actionview (6.1.3.2)
      activesupport (= 6.1.3.2)
      builder (~> 3.1)
      erubi (~> 1.4)
      rails-dom-testing (~> 2.0)
      rails-html-sanitizer (~> 1.1, >= 1.2.0)
    activemodel (6.1.3.2)
      activesupport (= 6.1.3.2)
    activesupport (6.1.3.2)
      concurrent-ruby (~> 1.0, >= 1.0.2)
      i18n (>= 1.6, < 2)
      minitest (>= 5.1)
      tzinfo (~> 2.0)
      zeitwerk (~> 2.3)
    addressable (2.8.0)
      public_suffix (>= 2.0.2, < 5.0)
    banzai (0.1.3)
    builder (3.2.4)
    concurrent-ruby (1.1.8)
    crass (1.0.6)
    deep_merge (1.2.1)
    dotenv (2.7.6)
    erubi (1.10.0)
    ffi (1.15.0)
    hansi (0.2.0)
    hash-deep-merge (0.1.1)
    i18n (1.8.10)
      concurrent-ruby (~> 1.0)
    loofah (2.9.1)
      crass (~> 1.0.2)
      nokogiri (>= 1.5.9)
    mini_portile2 (2.5.1)
    minitest (5.14.4)
    mustermann (1.1.1)
      ruby2_keywords (~> 0.0.1)
    mustermann-contrib (1.1.1)
      hansi (~> 0.2.0)
      mustermann (= 1.1.1)
    neatjson (0.9)
    nexmo-oas-renderer (2.7.2)
      activemodel (~> 6.1)
      activesupport (~> 6.1)
      banzai (~> 0.1.2)
      dotenv (~> 2.7)
      neatjson (~> 0.8)
      nexmo_markdown_renderer (~> 0.8)
      oas_parser (~> 0.25.4)
      redcarpet (= 3.5.1)
      sass (~> 3.1)
      shotgun (~> 0.9)
      sinatra (~> 2.0)
    nexmo_markdown_renderer (0.9.1)
      actionview (~> 6.0)
      activemodel (~> 6.0)
      banzai (~> 0.1.2)
      i18n (~> 1.7)
      nokogiri (~> 1.10)
      redcarpet (~> 3.4)
      rouge (~> 2.0.7)
    nokogiri (1.11.4)
      mini_portile2 (~> 2.5.0)
      racc (~> 1.4)
    oas_parser (0.25.4)
      activesupport (>= 4.0.0)
      addressable (~> 2.3)
      builder (~> 3.2.3)
      deep_merge (~> 1.2.1)
      hash-deep-merge
      mustermann-contrib (~> 1.1.1)
      nokogiri
    public_suffix (4.0.6)
    racc (1.5.2)
    rack (2.2.3)
    rack-protection (2.1.0)
      rack
    rails-dom-testing (2.0.3)
      activesupport (>= 4.2.0)
      nokogiri (>= 1.6)
    rails-html-sanitizer (1.3.0)
      loofah (~> 2.3)
    rb-fsevent (0.11.0)
    rb-inotify (0.10.1)
      ffi (~> 1.0)
    redcarpet (3.5.1)
    rouge (2.0.7)
    ruby2_keywords (0.0.4)
    sass (3.7.4)
      sass-listen (~> 4.0.0)
    sass-listen (4.0.0)
      rb-fsevent (~> 0.9, >= 0.9.4)
      rb-inotify (~> 0.9, >= 0.9.7)
    shotgun (0.9.2)
      rack (>= 1.0)
    sinatra (2.1.0)
      mustermann (~> 1.0)
      rack (~> 2.2)
      rack-protection (= 2.1.0)
      tilt (~> 2.0)
    tilt (2.0.10)
    tzinfo (2.0.4)
      concurrent-ruby (~> 1.0)
    zeitwerk (2.4.2)

PLATFORMS
  ruby

DEPENDENCIES
  nexmo-oas-renderer (~> 2.7)

BUNDLED WITH
   2.1.4